GEM
  remote: http://rubygems.org/
  specs:
    builder (3.2.2)
    childprocess (0.5.1)
      ffi (~> 1.0, >= 1.0.11)
    ci_reporter (1.7.3)
      builder (>= 2.1.2)
    ffi (1.9.3)
    ffi (1.9.3-x86-mingw32)
    inifile (2.0.2)
    multi_json (1.8.4)
    rake (10.1.0)
    rubyzip (1.1.0)
    selenium-webdriver (2.39.0)
      childprocess (>= 0.2.5)
      multi_json (~> 1.0)
      rubyzip (~> 1.0)
      websocket (~> 1.0.4)
    test-unit (2.4.8)
    websocket (1.0.7)

PLATFORMS
  ruby
  x86-mingw32

DEPENDENCIES
  ci_reporter (~> 1.7.0)
  inifile
  rake
  selenium-webdriver (~> 2.39.0)
  test-unit (<= 2.4.8)
